GEM
  remote: https://rubygems.org/
  specs:
    blankslate (2.1.2.4)
    classifier (1.3.4)
      fast-stemmer (>= 1.0.0)
    colorator (0.1)
    commander (4.1.6)
      highline (~> 1.6.11)
    fast-stemmer (1.0.2)
    ffi (1.9.18)
    fontcustom (2.0.0)
      json (~> 1.4)
      listen (>= 1.0, < 4.0)
      thor (~> 0.14)
    highline (1.6.21)
    jekyll (1.5.1)
      classifier (~> 1.3)
      colorator (~> 0.1)
      commander (~> 4.1.3)
      liquid (~> 2.5.5)
      listen (~> 1.3)
      maruku (= 0.7.0)
      pygments.rb (~> 0.5.0)
      redcarpet (~> 2.3.0)
      safe_yaml (~> 1.0)
      toml (~> 0.1.0)
    json (1.8.3)
    libv8 (3.16.14.19)
    liquid (2.5.5)
    listen (1.3.1)
      rb-fsevent (>= 0.9.3)
      rb-inotify (>= 0.9)
      rb-kqueue (>= 0.2)
    maruku (0.7.0)
    parslet (1.5.0)
      blankslate (~> 2.0)
    posix-spawn (0.3.13)
    pygments.rb (0.5.4)
      posix-spawn (~> 0.3.6)
      yajl-ruby (~> 1.1.0)
    rb-fsevent (0.10.2)
    rb-inotify (0.9.10)
      ffi (>= 0.5.0, < 2)
    rb-kqueue (0.2.5)
      ffi (>= 0.5.0)
    redcarpet (2.3.0)
    ref (2.0.0)
    safe_yaml (1.0.4)
    sass (3.5.5)
      sass-listen (~> 4.0.0)
    sass-listen (4.0.0)
      rb-fsevent (~> 0.9, >= 0.9.4)
      rb-inotify (~> 0.9, >= 0.9.7)
    therubyracer (0.12.3)
      libv8 (~> 3.16.14.15)
      ref
    thor (0.20.0)
    toml (0.1.2)
      parslet (~> 1.5.0)
    yajl-ruby (1.1.0)

PLATFORMS
  ruby

DEPENDENCIES
  fontcustom
  jekyll (~> 1.0)
  libv8 (~> 3.16.14.0)
  safe_yaml (~> 1.0.4)
  sass (~> 3.0)
  therubyracer

BUNDLED WITH
   1.16.1
